GEM
  remote: https://rubygems.org/
  specs:
    builder (3.1.4)
    rack (1.5.0)
    rdiscount (1.6.8)
    baron (1.0.0)
      builder
      rack
      rdiscount

PLATFORMS
  ruby

DEPENDENCIES
  builder
  rack
  rdiscount
  baron
